GEM
  remote: https://rubygems.org/
  specs:
    actionpack (3.2.19)
      activemodel (= 3.2.19)
      activesupport (= 3.2.19)
      builder (~> 3.0.0)
      erubis (~> 2.7.0)
      journey (~> 1.0.4)
      rack (~> 1.4.5)
      rack-cache (~> 1.2)
      rack-test (~> 0.6.1)
      sprockets (~> 2.2.1)
    activemodel (3.2.19)
      activesupport (= 3.2.19)
      builder (~> 3.0.0)
    activesupport (3.2.19)
      i18n (~> 0.6, >= 0.6.4)
      multi_json (~> 1.0)
    addressable (2.2.7)
    bootstrap-sass (2.2.1.1)
      sass (~> 3.2)
    bson (1.5.2)
    bson_ext (1.5.2)
      bson (= 1.5.2)
    builder (3.0.4)
    byebug (3.5.1)
      columnize (~> 0.8)
      debugger-linecache (~> 1.2)
      slop (~> 3.6)
    capybara (1.1.1)
      mime-types (>= 1.16)
      nokogiri (>= 1.3.3)
      rack (>= 1.0.0)
      rack-test (>= 0.5.4)
      selenium-webdriver (~> 2.0)
      xpath (~> 0.1.4)
    childprocess (0.2.2)
      ffi (~> 1.0.6)
    choices (0.2.4)
      hashie (>= 0.4.0)
    chunky_png (1.2.5)
    coffee-rails (3.2.2)
      coffee-script (>= 2.2.0)
      railties (~> 3.2.0)
    coffee-script (2.2.0)
      coffee-script-source
      execjs
    coffee-script-source (1.2.0)
    columnize (0.8.9)
    compass (0.12.alpha.4)
      chunky_png (~> 1.2)
      fssm (>= 0.2.7)
      sass (~> 3.1)
    crack (0.3.1)
    cucumber (1.0.6)
      builder (>= 2.1.2)
      diff-lcs (>= 1.1.2)
      gherkin (~> 2.4.18)
      json (>= 1.4.6)
      term-ansicolor (>= 1.0.6)
    cucumber-rails (1.0.2)
      capybara (>= 1.0.0)
      cucumber (~> 1.0.0)
      nokogiri (>= 1.4.6)
    dalli (1.1.2)
    debugger-linecache (1.2.0)
    diff-lcs (1.1.3)
    erubis (2.7.0)
    escape_utils (0.2.4)
    execjs (1.3.0)
      multi_json (~> 1.0)
    faraday (0.8.9)
      multipart-post (~> 1.2.0)
    faraday_middleware (0.8.4)
      faraday (>= 0.7.4, < 0.9)
    ffi (1.0.9)
    fickle-ruby (1.0.0)
      faraday (~> 0.8.8)
      multi_json (~> 1.8)
    fssm (0.2.8.1)
    gherkin (2.4.21)
      json (>= 1.4.6)
    hashie (2.0.5)
    hike (1.2.3)
    i18n (0.6.11)
    journey (1.0.4)
    json (1.8.1)
    json_pure (1.6.1)
    kgio (2.9.2)
    launchy (2.0.5)
      addressable (~> 2.2.6)
    mime-types (1.16)
    mingo (0.4.3)
      mongo (>= 1.3)
    mongo (1.5.2)
      bson (= 1.5.2)
    mongo-rails-instrumentation (0.2.4)
    mongo_ext (0.19.3)
    multi_json (1.10.1)
    multipart-post (1.2.0)
    never-forget (0.1.0)
      activesupport
      erubis
      mingo (>= 0.2)
      rack
    nibbler (1.3.0)
    nokogiri (1.4.7)
    oauth (0.4.7)
    oauth2 (0.5.2)
      faraday (~> 0.7)
      multi_json (~> 1.0)
    omniauth (1.1.4)
      hashie (>= 1.2, < 3)
      rack
    omniauth-facebook (1.2.0)
      omniauth-oauth2 (~> 1.0.0)
    omniauth-oauth (1.0.1)
      oauth
      omniauth (~> 1.0)
    omniauth-oauth2 (1.0.0)
      oauth2 (~> 0.5.0)
      omniauth (~> 1.0)
    omniauth-twitter (0.0.16)
      multi_json (~> 1.3)
      omniauth-oauth (~> 1.0)
    rack (1.4.5)
    rack-cache (1.2)
      rack (>= 0.4)
    rack-ssl (1.3.4)
      rack
    rack-test (0.6.2)
      rack (>= 1.0)
    railties (3.2.19)
      actionpack (= 3.2.19)
      activesupport (= 3.2.19)
      rack-ssl (~> 1.3.2)
      rake (>= 0.8.7)
      rdoc (~> 3.4)
      thor (>= 0.14.6, < 2.0)
    raindrops (0.13.0)
    rake (10.3.2)
    rdoc (3.12.2)
      json (~> 1.4)
    rspec (2.8.0)
      rspec-core (~> 2.8.0)
      rspec-expectations (~> 2.8.0)
      rspec-mocks (~> 2.8.0)
    rspec-core (2.8.0)
    rspec-expectations (2.8.0)
      diff-lcs (~> 1.1.2)
    rspec-mocks (2.8.0)
    rspec-rails (2.8.1)
      actionpack (>= 3.0)
      activesupport (>= 3.0)
      railties (>= 3.0)
      rspec (~> 2.8.0)
    rubyzip (0.9.4)
    sass (3.2.3)
    sass-rails (3.2.5)
      railties (~> 3.2.0)
      sass (>= 3.1.10)
      tilt (~> 1.3)
    selenium-webdriver (2.7.0)
      childprocess (>= 0.2.1)
      ffi (>= 1.0.7)
      json_pure
      rubyzip
    simple_oauth (0.1.5)
    slop (3.6.0)
    sprockets (2.2.2)
      hike (~> 1.2)
      multi_json (~> 1.0)
      rack (~> 1.0)
      tilt (~> 1.1, != 1.3.0)
    term-ansicolor (1.0.6)
    thor (0.19.1)
    tilt (1.4.1)
    twin (0.1.3)
      activesupport (>= 2.3)
    tzinfo (0.3.29)
    uglifier (1.2.2)
      execjs (>= 0.3.0)
      multi_json (>= 1.0.2)
    unicorn (4.8.3)
      kgio (~> 2.6)
      rack
      raindrops (~> 0.7)
    vcr (2.0.0)
    webmock (1.8.2)
      addressable (>= 2.2.7)
      crack (>= 0.1.7)
    will_paginate (3.0.1)
    xpath (0.1.4)
      nokogiri (~> 1.3)

PLATFORMS
  ruby

DEPENDENCIES
  addressable (~> 2.1)
  bootstrap-sass (~> 2.2.1)
  bson_ext (>= 1.1.1)
  byebug
  capybara
  choices
  coffee-rails (~> 3.2)
  compass (~> 0.12.alpha)
  cucumber-rails
  dalli
  escape_utils
  faraday (~> 0.8.0.rc)
  faraday_middleware
  fickle-ruby (~> 1.0)
  launchy
  mingo (>= 0.3.0)
  mongo-rails-instrumentation
  mongo_ext (>= 0.19.3)
  never-forget
  nibbler (~> 1.3)
  nokogiri (~> 1.4.1)
  omniauth-facebook
  omniauth-twitter
  railties (~> 3.2.11)
  rspec-rails (~> 2.8.0)
  sass-rails (~> 3.2)
  simple_oauth
  twin
  tzinfo
  uglifier
  unicorn
  vcr
  webmock (~> 1.8.0)
  will_paginate (~> 3.0)
